STORAGE: NONE
RESTRICTION: || (== net6.0) (== netstandard2.0) (== netstandard2.1)
NUGET
  remote: https://api.nuget.org/v3/index.json
    AWSSDK.Core (3.7.107.10)
      Microsoft.Bcl.AsyncInterfaces (>= 1.1) - restriction: || (&& (== net6.0) (< netcoreapp3.1)) (== netstandard2.0) (== netstandard2.1)
    AWSSDK.DynamoDBv2 (3.7.105.1)
      AWSSDK.Core (>= 3.7.107.10 < 4.0)
    DotNet.ReproducibleBuilds (1.1.1)
      Microsoft.SourceLink.AzureRepos.Git (>= 1.1.1)
      Microsoft.SourceLink.Bitbucket.Git (>= 1.1.1)
      Microsoft.SourceLink.GitHub (>= 1.1.1)
      Microsoft.SourceLink.GitLab (>= 1.1.1)
    FSharp.Core (4.7.2)
    Microsoft.Bcl.AsyncInterfaces (7.0) - restriction: || (&& (== net6.0) (< netcoreapp3.1)) (== netstandard2.0) (== netstandard2.1)
      System.Threading.Tasks.Extensions (>= 4.5.4) - restriction: || (&& (== net6.0) (>= net462)) (&& (== net6.0) (< netstandard2.1)) (== netstandard2.0) (&& (== netstandard2.1) (>= net462))
    Microsoft.Build.Tasks.Git (1.1.1)
    Microsoft.SourceLink.AzureRepos.Git (1.1.1)
      Microsoft.Build.Tasks.Git (>= 1.1.1)
      Microsoft.SourceLink.Common (>= 1.1.1)
    Microsoft.SourceLink.Bitbucket.Git (1.1.1)
      Microsoft.Build.Tasks.Git (>= 1.1.1)
      Microsoft.SourceLink.Common (>= 1.1.1)
    Microsoft.SourceLink.Common (1.1.1)
    Microsoft.SourceLink.GitHub (1.1.1)
      Microsoft.Build.Tasks.Git (>= 1.1.1)
      Microsoft.SourceLink.Common (>= 1.1.1)
    Microsoft.SourceLink.GitLab (1.1.1)
      Microsoft.Build.Tasks.Git (>= 1.1.1)
      Microsoft.SourceLink.Common (>= 1.1.1)
    System.Runtime.CompilerServices.Unsafe (6.0) - restriction: || (&& (== net6.0) (>= net461)) (&& (== net6.0) (>= net462)) (&& (== net6.0) (< netcoreapp2.1) (< netstandard2.1)) (&& (== net6.0) (< netstandard1.0)) (&& (== net6.0) (< netstandard2.0)) (&& (== net6.0) (>= wp8)) (== netstandard2.0) (&& (== netstandard2.1) (>= net462))
    System.Threading.Tasks.Extensions (4.5.4) - restriction: || (&& (== net6.0) (>= net462)) (&& (== net6.0) (< netstandard2.1)) (== netstandard2.0) (&& (== netstandard2.1) (>= net462))
      System.Runtime.CompilerServices.Unsafe (>= 4.5.3) - restriction: || (&& (== net6.0) (>= net461)) (&& (== net6.0) (< netcoreapp2.1)) (&& (== net6.0) (< netstandard1.0)) (&& (== net6.0) (< netstandard2.0)) (&& (== net6.0) (>= wp8)) (== netstandard2.0) (== netstandard2.1)
    Unquote (6.1)
      FSharp.Core (>= 4.7.2)
GITHUB
  remote: eiriktsarpalis/TypeShape
    src/TypeShape/TypeShape.fs (6e7fe07c799de723de7e4b32d64a4fd6c1697c7f)